GIT
  remote: https://github.com/PlasticLizard/em-mongo.git
  revision: 68003ad4bce4249b03816e32a23dcbe9161e09bd
  specs:
    em-mongo (0.3.6)
      bson (>= 1.1.3)
      bson_ext (>= 1.1.3)
      eventmachine (>= 0.12.10)

GIT
  remote: https://github.com/PlasticLizard/em-synchrony.git
  revision: 8e003696f134169445ce3fe08f7ecb67d25fa47f
  specs:
    em-synchrony (0.3.0.beta.1)
      eventmachine (>= 1.0.0.beta.1)

PATH
  remote: .
  specs:
    wonkavision (0.9.0)
      activesupport (>= 2.3)
      i18n

GEM
  remote: http://rubygems.org/
  specs:
    activesupport (3.0.9)
    bson (1.2.0)
    bson (1.2.0-java)
    bson_ext (1.2.0)
    coderay (0.9.8)
    eventmachine (1.0.0.beta.3)
    eventmachine (1.0.0.beta.3-java)
    i18n (0.6.0)
    method_source (0.6.0)
      ruby_parser (>= 2.0.5)
    mocha (0.9.12)
    mongo (1.2.0)
      bson (>= 1.2.0)
    pry (0.9.3)
      coderay (>= 0.9.8)
      method_source (>= 0.6.0)
      ruby_parser (>= 2.0.5)
      slop (~> 1.9.0)
    rake (0.9.2)
    ruby_parser (2.0.6)
      sexp_processor (~> 3.0)
    sexp_processor (3.0.5)
    shoulda (2.11.3)
    slop (1.9.1)

PLATFORMS
  java
  ruby

DEPENDENCIES
  bson (= 1.2.0)
  bson_ext (= 1.2.0)
  em-mongo!
  em-synchrony!
  eventmachine (>= 1.0.0.beta.3)
  mocha
  mongo (= 1.2.0)
  pry
  rake
  shoulda (~> 2.11)
  wonkavision!
