GIT
  remote: https://github.com/igrigorik/em-synchrony.git
  revision: 20172584779485f1c8c46333943e5582750698d2
  specs:
    em-synchrony (0.3.0.beta.1)
      eventmachine (>= 1.0.0.beta.1)

PATH
  remote: .
  specs:
    wonkavision (0.9.0)
      activesupport (>= 2.3)
      i18n

GEM
  remote: http://rubygems.org/
  specs:
    activesupport (3.0.9)
    bson (1.2.0)
    bson (1.2.0-java)
    bson_ext (1.2.0)
    em-mongo (0.3.6)
      bson (>= 1.1.3)
      bson_ext (>= 1.1.3)
      eventmachine (>= 0.12.10)
    eventmachine (1.0.0.beta.3)
    eventmachine (1.0.0.beta.3-java)
    i18n (0.6.0)
    mocha (0.9.12)
    mongo (1.2.0)
      bson (>= 1.2.0)
    rake (0.9.2)
    shoulda (2.11.3)

PLATFORMS
  java
  ruby

DEPENDENCIES
  bson (= 1.2.0)
  bson_ext (= 1.2.0)
  em-mongo
  em-synchrony!
  eventmachine (>= 1.0.0.beta.3)
  mocha
  mongo (= 1.2.0)
  rake
  shoulda (~> 2.11)
  wonkavision!
