GIT
  remote: https://github.com/PlasticLizard/em-mongo.git
  revision: 49e49267ac9ccf8dfb24d1473522691de55cc564
  specs:
    em-mongo (0.3.6)
      bson (>= 1.1.3)
      bson_ext (>= 1.1.3)
      eventmachine (>= 0.12.10)

GIT
  remote: https://github.com/PlasticLizard/em-synchrony.git
  revision: 2e1ed1e43ef1da3a68be9905d3be91e57fae7337
  specs:
    em-synchrony (1.0.0)
      eventmachine (>= 1.0.0.beta.1)

PATH
  remote: .
  specs:
    wonkavision (0.9.0)
      activesupport (= 3.1)
      i18n

GEM
  remote: http://rubygems.org/
  specs:
    activesupport (3.1.0)
      multi_json (~> 1.0)
    bson (1.2.0)
    bson (1.2.0-java)
    bson_ext (1.2.0)
    coderay (1.0.6)
    eventmachine (1.0.0.beta.4)
    eventmachine (1.0.0.beta.4-java)
    i18n (0.6.0)
    metaclass (0.0.1)
    method_source (0.7.1)
    mocha (0.10.5)
      metaclass (~> 0.0.1)
    mongo (1.2.0)
      bson (>= 1.2.0)
    multi_json (1.3.6)
    pry (0.9.8.4)
      coderay (~> 1.0.5)
      method_source (~> 0.7.1)
      slop (>= 2.4.4, < 3)
    pry (0.9.8.4-java)
      coderay (~> 1.0.5)
      method_source (~> 0.7.1)
      slop (>= 2.4.4, < 3)
      spoon (~> 0.0)
    rake (0.9.2.2)
    shoulda (2.11.3)
    slop (2.4.4)
    spoon (0.0.1)

PLATFORMS
  java
  ruby

DEPENDENCIES
  bson (= 1.2.0)
  bson_ext (= 1.2.0)
  em-mongo!
  em-synchrony!
  eventmachine (>= 1.0.0.beta.3)
  mocha
  mongo (= 1.2.0)
  pry
  rake
  shoulda (~> 2.11)
  wonkavision!
