PATH
  remote: .
  specs:
    wonkavision (0.9.0)
      activesupport (>= 2.3)

GEM
  remote: http://rubygems.org/
  specs:
    activesupport (3.0.8)
    bson (1.2.0)
    bson (1.2.0-java)
    bson_ext (1.2.0)
    i18n (0.5.0)
    mocha (0.9.10)
      rake
    mongo (1.2.0)
      bson (>= 1.2.0)
    rake (0.8.7)
    shoulda (2.11.3)

PLATFORMS
  java
  ruby

DEPENDENCIES
  bson (= 1.2.0)
  bson_ext (= 1.2.0)
  i18n
  mocha
  mongo (= 1.2.0)
  rake
  shoulda (~> 2.11)
  wonkavision!
