GIT
  remote: http://github.com/mongoid/mongoid.git
  revision: f83613559983645e04764b8661e3337461d96d20
  specs:
    mongoid (2.0.0.rc.7)
      activemodel (~> 3.0)
      mongo (~> 1.2)
      tzinfo (~> 0.3.22)
      will_paginate (~> 3.0.pre)

PATH
  remote: .
  specs:
    wonkavision (0.6.0)
      activesupport (>= 2.3)

GEM
  remote: http://rubygems.org/
  specs:
    activemodel (3.0.3)
      activesupport (= 3.0.3)
      builder (~> 2.1.2)
      i18n (~> 0.4)
    activesupport (3.0.3)
    bson (1.2.0)
    bson_ext (1.2.0)
    builder (2.1.2)
    i18n (0.5.0)
    mocha (0.9.10)
      rake
    mongo (1.2.0)
      bson (>= 1.2.0)
    rake (0.8.7)
    shoulda (2.11.3)
    tzinfo (0.3.24)
    will_paginate (3.0.pre2)

PLATFORMS
  ruby

DEPENDENCIES
  activesupport (>= 2.3)
  bson (= 1.2.0)
  bson_ext (= 1.2.0)
  mocha
  mongo (= 1.2.0)
  mongoid!
  rake
  shoulda (~> 2.11)
  wonkavision!
